GEM
  remote: https://rubygems.org/
  specs:
    diff-lcs (1.3)
    digest-crc (0.4.1)
    rspec (3.8.0)
      rspec-core (~> 3.8.0)
      rspec-expectations (~> 3.8.0)
      rspec-mocks (~> 3.8.0)
    rspec-core (3.8.0)
      rspec-support (~> 3.8.0)
    rspec-expectations (3.8.1)
      diff-lcs (>= 1.2.0, < 2.0)
      rspec-support (~> 3.8.0)
    rspec-mocks (3.8.0)
      diff-lcs (>= 1.2.0, < 2.0)
      rspec-support (~> 3.8.0)
    rspec-support (3.8.0)
    ruby-kafka (0.7.0)
      digest-crc

PLATFORMS
  ruby

DEPENDENCIES
  rspec (~> 3.8.0)
  ruby-kafka (~> 0.7.0)

BUNDLED WITH
   1.16.1
